PATH
  remote: .
  specs:
    fluttrly-gem (0.0.1)

GEM
  remote: http://rubygems.org/
  specs:
    json (1.5.1)

PLATFORMS
  ruby

DEPENDENCIES
  fluttrly-gem!
  json
