PATH
  remote: .
  specs:
    fluttrly (0.0.3)

GEM
  remote: http://rubygems.org/
  specs:
    json (1.5.1)

PLATFORMS
  ruby

DEPENDENCIES
  fluttrly!
  json (>= 1.5.1)
